GEM
  remote: https://rubygems.org/
  specs:
    ast (2.4.0)
    backports (2.8.2)
    bcrypt (3.1.12)
    coderay (1.1.2)
    daemons (1.2.6)
    dotenv (2.4.0)
    eventmachine (1.2.7)
    ffi (1.9.25)
    foreman (0.84.0)
      thor (~> 0.19.1)
    jaro_winkler (1.5.1)
    listen (3.1.5)
      rb-fsevent (~> 0.9, >= 0.9.4)
      rb-inotify (~> 0.9, >= 0.9.7)
      ruby_dep (~> 1.2)
    mail (2.7.0)
      mini_mime (>= 0.1.1)
    method_source (0.9.0)
    mini_mime (1.0.0)
    minitest (5.11.3)
    multi_json (1.13.1)
    mustermann (1.0.2)
    openssl (2.1.1)
    parallel (1.12.1)
    parser (2.5.1.0)
      ast (~> 2.4.0)
    powerpack (0.1.1)
    pry (0.11.3)
      coderay (~> 1.1.0)
      method_source (~> 0.9.0)
    rack (2.0.5)
    rack-protection (2.0.2)
      rack
    rack-ssl (1.4.1)
      rack
    rack-ssl-enforcer (0.2.9)
    rainbow (3.0.0)
    rb-fsevent (0.10.3)
    rb-inotify (0.9.10)
      ffi (>= 0.5.0, < 2)
    rubocop (0.57.1)
      jaro_winkler (~> 1.5.1)
      parallel (~> 1.10)
      parser (>= 2.5)
      powerpack (~> 0.1)
      rainbow (>= 2.2.2, < 4.0)
      ruby-progressbar (~> 1.7)
      unicode-display_width (~> 1.0, >= 1.0.1)
    ruby-progressbar (1.9.0)
    ruby_dep (1.5.0)
    sequel (5.9.0)
    sinatra (2.0.2)
      mustermann (~> 1.0)
      rack (~> 2.0)
      rack-protection (= 2.0.2)
      tilt (~> 2.0)
    sinatra-contrib (2.0.2)
      backports (~> 2.8.2)
      multi_json
      mustermann (~> 1.0)
      rack-protection (= 2.0.2)
      sinatra (= 2.0.2)
      tilt (>= 1.3, < 3)
    sqlite3 (1.3.13)
    thin (1.7.2)
      daemons (~> 1.0, >= 1.0.9)
      eventmachine (~> 1.0, >= 1.0.4)
      rack (>= 1, < 3)
    thor (0.19.4)
    tilt (2.0.8)
    unicode-display_width (1.4.0)

PLATFORMS
  ruby

DEPENDENCIES
  bcrypt
  dotenv
  foreman
  listen
  mail
  minitest
  openssl
  pry
  rack-ssl
  rack-ssl-enforcer
  rubocop
  sequel
  sinatra
  sinatra-contrib
  sqlite3
  thin

BUNDLED WITH
   1.16.2
